PATH
  remote: .
  specs:
    i18n_backend_database (0.2.0)

GEM
  remote: https://rubygems.org/
  specs:
    rake (10.4.2)

PLATFORMS
  ruby

DEPENDENCIES
  bundler (~> 1.7)
  i18n_backend_database!
  rake (~> 10.0)
